GEM
  remote: https://rubygems.org/
  specs:
    coderay (1.1.0)
    git_fame (1.2.1)
      hirb
      mimer_plus
      progressbar
      trollop
    hirb (0.7.1)
    method_source (0.8.2)
    mimer_plus (0.0.4)
    mustermann (2.0.2)
      ruby2_keywords (~> 0.0.1)
    progressbar (0.21.0)
    pry (0.9.12.6)
      coderay (~> 1.0)
      method_source (~> 0.8)
      slop (~> 3.4)
    rack (2.2.4)
    rack-protection (2.2.3)
      rack
    ruby2_keywords (0.0.5)
    sinatra (2.2.3)
      mustermann (~> 2.0)
      rack (~> 2.2)
      rack-protection (= 2.2.3)
      tilt (~> 2.0)
    slop (3.5.0)
    tilt (2.0.11)
    trollop (2.0)

PLATFORMS
  ruby

DEPENDENCIES
  git_fame
  pry
  sinatra
